GEM
  remote: https://rubygems.org/
  specs:
    rake (13.1.0)

PLATFORMS
  ruby
  x64-mingw32
  x64-mingw-ucrt

DEPENDENCIES
  rake (~> 13.1)

RUBY VERSION
   ruby 3.2.2p53

BUNDLED WITH
   2.4.21
