GEM
  remote: https://rubygems.org/
  specs:
    rake (13.0.6)

PLATFORMS
  ruby
  x64-mingw32

DEPENDENCIES
  rake (~> 13.0, >= 13.0.6)

RUBY VERSION
   ruby 2.7.3p183

BUNDLED WITH
   2.2.21
